GEM
  remote: http://rubygems.org/
  specs:
    i18n (0.7.0)
    mail (2.4.4)
      i18n (>= 0.4.0)
      mime-types (~> 1.16)
      treetop (~> 1.4.8)
    mime-types (1.25.1)
    polyglot (0.3.5)
    rack (1.6.12)
    rack-cors (0.2.8)
      rack
    rack-protection (1.5.3)
      rack
    sinatra (1.4.6)
      rack (~> 1.4)
      rack-protection (~> 1.4)
      tilt (>= 1.3, < 3)
    tilt (2.0.1)
    treetop (1.4.15)
      polyglot
      polyglot (>= 0.3.1)

PLATFORMS
  ruby

DEPENDENCIES
  mail
  rack
  rack-cors
  sinatra
